GEM
  remote: https://rubygems.org/
  specs:
    addressable (2.5.1)
      public_suffix (~> 2.0, >= 2.0.2)
    ast (2.3.0)
    axiom-types (0.1.1)
      descendants_tracker (~> 0.0.4)
      ice_nine (~> 0.11.0)
      thread_safe (~> 0.3, >= 0.3.1)
    codeclimate-engine-rb (0.4.0)
      virtus (~> 1.0)
    coercible (1.0.0)
      descendants_tracker (~> 0.0.1)
    descendants_tracker (0.0.4)
      thread_safe (~> 0.3, >= 0.3.1)
    diff-lcs (1.3)
    equalizer (0.0.11)
    erubis (2.7.0)
    flay (2.8.1)
      erubis (~> 2.7.0)
      path_expander (~> 1.0)
      ruby_parser (~> 3.0)
      sexp_processor (~> 4.0)
    flog (4.6.1)
      path_expander (~> 1.0)
      ruby_parser (~> 3.1, > 3.1.0)
      sexp_processor (~> 4.8)
    ice_nine (0.11.2)
    launchy (2.4.3)
      addressable (~> 2.3)
    parser (2.4.0.0)
      ast (~> 2.2)
    path_expander (1.0.1)
    public_suffix (2.0.5)
    rainbow (2.2.1)
    reek (4.6.1)
      codeclimate-engine-rb (~> 0.4.0)
      parser (>= 2.3.1.2, < 2.5)
      rainbow (~> 2.0)
    rspec (3.5.0)
      rspec-core (~> 3.5.0)
      rspec-expectations (~> 3.5.0)
      rspec-mocks (~> 3.5.0)
    rspec-core (3.5.4)
      rspec-support (~> 3.5.0)
    rspec-expectations (3.5.0)
      diff-lcs (>= 1.2.0, < 2.0)
      rspec-support (~> 3.5.0)
    rspec-mocks (3.5.0)
      diff-lcs (>= 1.2.0, < 2.0)
      rspec-support (~> 3.5.0)
    rspec-support (3.5.0)
    ruby_parser (3.8.4)
      sexp_processor (~> 4.1)
    rubycritic (3.2.0)
      flay (~> 2.8)
      flog (~> 4.4)
      launchy (= 2.4.3)
      parser (= 2.4.0)
      rainbow (~> 2.1)
      reek (~> 4.4)
      ruby_parser (~> 3.8)
      virtus (~> 1.0)
    sexp_processor (4.8.0)
    thread_safe (0.3.6)
    virtus (1.0.5)
      axiom-types (~> 0.1)
      coercible (~> 1.0)
      descendants_tracker (~> 0.0, >= 0.0.3)
      equalizer (~> 0.0, >= 0.0.9)

PLATFORMS
  ruby

DEPENDENCIES
  rspec
  rubycritic

BUNDLED WITH
   1.14.3
